PATH
  remote: .
  specs:
    atlas-api (0.1.0)
      faraday (~> 0.15.4)
      hashie (~> 3.6.0)

GEM
  remote: https://rubygems.org/
  specs:
    addressable (2.2.8)
    crack (0.4.2)
      safe_yaml (~> 1.0.0)
    diff-lcs (1.2.5)
    faraday (0.15.4)
      multipart-post (>= 1.2, < 3)
    hashie (3.6.0)
    multipart-post (2.1.1)
    rake (13.0.1)
    rspec (2.14.1)
      rspec-core (~> 2.14.0)
      rspec-expectations (~> 2.14.0)
      rspec-mocks (~> 2.14.0)
    rspec-core (2.14.8)
    rspec-expectations (2.14.5)
      diff-lcs (>= 1.1.3, < 2.0)
    rspec-mocks (2.14.6)
    safe_yaml (1.0.1)
    webmock (1.17.4)
      addressable (>= 2.2.7)
      crack (>= 0.3.2)

PLATFORMS
  ruby

DEPENDENCIES
  atlas-api!
  rake (~> 13.0.1)
  rspec
  webmock

BUNDLED WITH
   1.17.1
